GEM
  remote: http://rubygems.org/
  remote: http://gems.github.com/
  specs:
    actionmailer (2.2.2)
      actionpack (= 2.2.2)
    actionpack (2.2.2)
      activesupport (= 2.2.2)
    activerecord (2.2.2)
      activesupport (= 2.2.2)
    activeresource (2.2.2)
      activesupport (= 2.2.2)
    activesupport (2.2.2)
    colored (1.1)
    diff-lcs (1.1.2)
    gcnovus-avatar (0.0.7)
    hpricot (0.6.164)
    mime-types (1.16)
    mocha (0.9.3)
      rake
    rails (2.2.2)
      actionmailer (= 2.2.2)
      actionpack (= 2.2.2)
      activerecord (= 2.2.2)
      activeresource (= 2.2.2)
      activesupport (= 2.2.2)
      rake (>= 0.8.3)
    rake (0.9.2)
    redgreen (1.2.2)
    rflickr (2006.02.01)
      mime-types (> 0.0.0)
    rmagick (2.13.1)
    rspec (2.6.0)
      rspec-core (~> 2.6.0)
      rspec-expectations (~> 2.6.0)
      rspec-mocks (~> 2.6.0)
    rspec-core (2.6.4)
    rspec-expectations (2.6.0)
      diff-lcs (~> 1.1.2)
    rspec-mocks (2.6.0)
    uuidtools (1.0.4)
      rake (>= 0.7.3)
      rspec (>= 1.0.8)
    will_paginate (2.2.2)
    youtube-g (0.4.9.9)

PLATFORMS
  ruby

DEPENDENCIES
  colored (= 1.1)
  gcnovus-avatar (= 0.0.7)
  hpricot (= 0.6.164)
  mocha (= 0.9.3)
  rails (= 2.2.2)
  redgreen (= 1.2.2)
  rflickr (~> 2006.02.01)
  rmagick (~> 2.13.1)
  uuidtools (= 1.0.4)
  will_paginate (~> 2.2.2)
  youtube-g (= 0.4.9.9)
